{
    "Modality": "MR",
    "MagneticFieldStrength": 3,
    "ImagingFrequency": 123.259,
    "Manufacturer": "Siemens",
    "ManufacturersModelName": "MAGNETOM Prisma Fit",
    "InstitutionName": "Freie Universit\u00c3\u00a4t Berlin",
    "InstitutionAddress": "Habelschwerdter Allee 45,Berlin,District,DE,14195",
    "DeviceSerialNumber": "167110",
    "StationName": "AWP167110",
    "BodyPartExamined": "BRAIN",
    "PatientPosition": "HFS",
    "ProcedureStepDescription": "CCNB Projekte_fertig",
    "SoftwareVersions": "syngo MR XA30",
    "MRAcquisitionType": "2D",
    "SeriesDescription": "main pre st 183",
    "ProtocolName": "main pre st 183",
    "ScanningSequence": "EP",
    "SequenceVariant": "SK",
    "ScanOptions": "FS",
    "PulseSequenceName": "*epfid2d1_64",
    "ImageType": [
        "ORIGINAL",
        "PRIMARY",
        "FMRI",
        "NONE"
    ],
    "ImageTypeText": [
        "ORIGINAL",
        "PRIMARY",
        "M",
        "DIS2D"
    ],
    "NonlinearGradientCorrection": true,
    "SeriesNumber": 19,
    "AcquisitionTime": "14:43:18.332500",
    "AcquisitionNumber": 1,
    "SliceThickness": 3,
    "SpacingBetweenSlices": 3.6,
    "EchoTime": 0.03,
    "RepetitionTime": 2,
    "MTState": false,
    "FlipAngle": 75,
    "PartialFourier": 1,
    "BaseResolution": 64,
    "ShimSetting": [
        -5778,
        -4873,
        -4843,
        583,
        -57,
        26,
        73,
        23
    ],
    "TxRefAmp": 282.801,
    "PhaseResolution": 1,
    "ReceiveCoilName": "Head_32",
    "ReceiveCoilActiveElements": "HEA;HEP",
    "CoilString": "Head_32",
    "PulseSequenceDetails": "%SiemensSeq%\\ep2d_bold",
    "RefLinesPE": 30,
    "CoilCombinationMethod": "Sum of Squares",
    "MatrixCoilMode": "GRAPPA",
    "PercentPhaseFOV": 100,
    "PercentSampling": 100,
    "EchoTrainLength": 31,
    "AcquisitionMatrixPE": 64,
    "ReconMatrixPE": 64,
    "BandwidthPerPixelPhaseEncode": 56.818,
    "ParallelReductionFactorInPlane": 2,
    "ParallelAcquisitionTechnique": "GRAPPA",
    "EffectiveEchoSpacing": 0.000275001,
    "DerivedVendorReportedEchoSpacing": 0.000550002,
    "AcquisitionDuration": 373.927,
    "TotalReadoutTime": 0.0173251,
    "PixelBandwidth": 2170,
    "DwellTime": 3.6e-06,
    "PhaseEncodingDirection": "j-",
    "SliceTiming": [
        0,
        1.0175,
        0.0549998,
        1.07,
        0.1075,
        1.125,
        0.16,
        1.1775,
        0.215,
        1.2325,
        0.2675,
        1.285,
        0.3225,
        1.3375,
        0.375,
        1.3925,
        0.4275,
        1.445,
        0.4825,
        1.5,
        0.535,
        1.5525,
        0.59,
        1.605,
        0.6425,
        1.66,
        0.6975,
        1.7125,
        0.75,
        1.7675,
        0.8025,
        1.82,
        0.8575,
        1.8725,
        0.91,
        1.9275,
        0.965
    ],
    "ImageOrientationPatientDICOM": [
        0.99886,
        -0.0450244,
        0.0158422,
        0.040293,
        0.973342,
        0.225792
    ],
    "InPlanePhaseEncodingDirectionDICOM": "COL",
    "ConversionSoftware": "dcm2niix",
    "ConversionSoftwareVersion": "v1.0.20220720",
    "Dcm2bidsVersion": "2.1.7",
    "TaskName": "ST"
}