{
    "Modality": "MR",
    "MagneticFieldStrength": 3,
    "ImagingFrequency": 123.259,
    "Manufacturer": "Siemens",
    "ManufacturersModelName": "MAGNETOM Prisma Fit",
    "InstitutionName": "Freie Universit\u00c3\u00a4t Berlin",
    "InstitutionAddress": "Habelschwerdter Allee 45,Berlin,District,DE,14195",
    "DeviceSerialNumber": "167110",
    "StationName": "AWP167110",
    "BodyPartExamined": "BRAIN",
    "PatientPosition": "HFS",
    "ProcedureStepDescription": "CCNB Projekte_fertig",
    "SoftwareVersions": "syngo MR XA30",
    "MRAcquisitionType": "2D",
    "SeriesDescription": "gre_field_mapping",
    "ProtocolName": "gre_field_mapping",
    "ScanningSequence": "GR",
    "SequenceVariant": "SP",
    "PulseSequenceName": "*fm2d2r",
    "ImageType": [
        "ORIGINAL",
        "PRIMARY",
        "P",
        "NONE",
        "PHASE"
    ],
    "ImageTypeText": [
        "ORIGINAL",
        "PRIMARY",
        "P",
        "DIS2D"
    ],
    "NonlinearGradientCorrection": true,
    "SeriesNumber": 13,
    "AcquisitionTime": "13:24:8.870000",
    "AcquisitionNumber": 1,
    "SliceThickness": 3,
    "SpacingBetweenSlices": 3.6,
    "EchoNumber": 2,
    "EchoTime": 0.00738,
    "RepetitionTime": 0.4,
    "MTState": false,
    "FlipAngle": 60,
    "EchoTime1": "0.00492",
    "EchoTime2": "0.00738",
    "PartialFourier": 1,
    "BaseResolution": 64,
    "ShimSetting": [
        -5743,
        -4874,
        -4873,
        454,
        36,
        34,
        26,
        -20
    ],
    "TxRefAmp": 266.921,
    "PhaseResolution": 1,
    "ReceiveCoilName": "Head_32",
    "ReceiveCoilActiveElements": "HEA;HEP",
    "CoilString": "Head_32",
    "PulseSequenceDetails": "%SiemensSeq%\\gre_field_mapping",
    "CoilCombinationMethod": "Sum of Squares",
    "MatrixCoilMode": "SENSE",
    "PercentPhaseFOV": 100,
    "PercentSampling": 100,
    "AcquisitionMatrixPE": 64,
    "ReconMatrixPE": 64,
    "AcquisitionDuration": 50.79,
    "PixelBandwidth": 601,
    "DwellTime": 1.3e-05,
    "PhaseEncodingDirection": "i",
    "SliceTiming": [
        0,
        0.205,
        0.01,
        0.215,
        0.0225,
        0.2275,
        0.0325,
        0.2375,
        0.0425,
        0.2475,
        0.055,
        0.26,
        0.065,
        0.27,
        0.075,
        0.28,
        0.0875,
        0.2925,
        0.0975,
        0.3025,
        0.1075,
        0.3125,
        0.12,
        0.325,
        0.13,
        0.335,
        0.14,
        0.345,
        0.1525,
        0.3575,
        0.1625,
        0.3675,
        0.1725,
        0.3775,
        0.1825,
        0.39,
        0.195
    ],
    "ImageOrientationPatientDICOM": [
        0.998339,
        0.00788987,
        0.0570689,
        -0.0165546,
        0.988088,
        0.152994
    ],
    "InPlanePhaseEncodingDirectionDICOM": "ROW",
    "ConversionSoftware": "dcm2niix",
    "ConversionSoftwareVersion": "v1.0.20220720",
    "Dcm2bidsVersion": "2.1.7"
}