{
    "Modality": "MR",
    "MagneticFieldStrength": 3,
    "ImagingFrequency": 123.236,
    "Manufacturer": "Siemens",
    "ManufacturersModelName": "TrioTim",
    "InstitutionName": "CCNB",
    "InstitutionalDepartmentName": "Department",
    "InstitutionAddress": "Habelschwerdter Allee 45,Berlin,District,DE,14195",
    "DeviceSerialNumber": "35370",
    "StationName": "MRC35370",
    "PatientPosition": "HFS",
    "ProcedureStepDescription": "Projekte^fMRI 32channel",
    "SoftwareVersions": "syngo MR B17",
    "MRAcquisitionType": "2D",
    "SeriesDescription": "localizer_task_139",
    "ProtocolName": "localizer_task_139",
    "ScanningSequence": "EP",
    "SequenceVariant": "SK",
    "ScanOptions": "FS",
    "SequenceName": "*epfid2d1_64",
    "ImageType": [
        "ORIGINAL",
        "PRIMARY",
        "M",
        "ND",
        "MOSAIC"
    ],
    "SeriesNumber": 5,
    "AcquisitionTime": "14:37:29.217500",
    "AcquisitionNumber": 1,
    "SliceThickness": 3,
    "SpacingBetweenSlices": 3.75,
    "SAR": 0.163875,
    "EchoTime": 0.03,
    "RepetitionTime": 2,
    "FlipAngle": 78,
    "PartialFourier": 1,
    "BaseResolution": 64,
    "ShimSetting": [
        -6797,
        -5678,
        -10711,
        668,
        500,
        1765,
        184,
        117
    ],
    "TxRefAmp": 303.235,
    "PhaseResolution": 1,
    "ReceiveCoilName": "32Ch_Head",
    "CoilString": "C:HEA;HEP",
    "PulseSequenceDetails": "%SiemensSeq%\\ep2d_bold",
    "RefLinesPE": 24,
    "PercentPhaseFOV": 100,
    "PercentSampling": 100,
    "PhaseEncodingSteps": 63,
    "AcquisitionMatrixPE": 64,
    "ReconMatrixPE": 64,
    "BandwidthPerPixelPhaseEncode": 58.962,
    "ParallelReductionFactorInPlane": 2,
    "EffectiveEchoSpacing": 0.000265001,
    "DerivedVendorReportedEchoSpacing": 0.000530002,
    "TotalReadoutTime": 0.0166951,
    "PixelBandwidth": 2232,
    "DwellTime": 3.5e-06,
    "PhaseEncodingDirection": "j-",
    "SliceTiming": [
        1.9525,
        1.8975,
        1.845,
        1.79,
        1.735,
        1.6825,
        1.6275,
        1.5725,
        1.52,
        1.465,
        1.41,
        1.355,
        1.3025,
        1.2475,
        1.1925,
        1.14,
        1.085,
        1.03,
        0.975,
        0.9225,
        0.8675,
        0.8125,
        0.76,
        0.705,
        0.65,
        0.5975,
        0.5425,
        0.4875,
        0.4325,
        0.38,
        0.325,
        0.27,
        0.2175,
        0.1625,
        0.1075,
        0.055,
        0
    ],
    "ImageOrientationPatientDICOM": [
        0.998554,
        0.0443948,
        -0.0303038,
        -0.0446108,
        0.998983,
        -0.00648834
    ],
    "InPlanePhaseEncodingDirectionDICOM": "COL",
    "ConversionSoftware": "dcm2niix",
    "ConversionSoftwareVersion": "v1.0.20210317",
    "Dcm2bidsVersion": "2.1.6",
    "TaskName": "localizerTask"
}