{
    "Modality": "MR",
    "MagneticFieldStrength": 3,
    "ImagingFrequency": 123.236,
    "Manufacturer": "Siemens",
    "ManufacturersModelName": "TrioTim",
    "InstitutionName": "Freie Universitaet",
    "InstitutionalDepartmentName": "Department",
    "InstitutionAddress": "Habelschwerdter Allee 45,Berlin,District,DE,14195",
    "DeviceSerialNumber": "35370",
    "StationName": "MRC35370",
    "PatientPosition": "HFS",
    "ProcedureStepDescription": "Projekte^fMRI 32channel",
    "SoftwareVersions": "syngo MR B17",
    "MRAcquisitionType": "3D",
    "SeriesDescription": "t1_mpr_1x1x1_176",
    "ProtocolName": "t1_mpr_1x1x1_176",
    "ScanningSequence": "GR\\IR",
    "SequenceVariant": "SP\\MP",
    "ScanOptions": "IR",
    "SequenceName": "*tfl3d1_ns",
    "ImageType": [
        "ORIGINAL",
        "PRIMARY",
        "M",
        "ND",
        "NORM"
    ],
    "SeriesNumber": 21,
    "AcquisitionTime": "18:50:2.882500",
    "AcquisitionNumber": 1,
    "SliceThickness": 1,
    "SAR": 0.118871,
    "EchoTime": 0.00252,
    "RepetitionTime": 1.9,
    "InversionTime": 0.9,
    "FlipAngle": 9,
    "PartialFourier": 1,
    "BaseResolution": 256,
    "ShimSetting": [
        -6775,
        -5749,
        -10884,
        -238,
        533,
        673,
        783,
        109
    ],
    "TxRefAmp": 344.353,
    "PhaseResolution": 1,
    "ReceiveCoilName": "32Ch_Head",
    "CoilString": "C:HEA;HEP",
    "PulseSequenceDetails": "%SiemensSeq%\\tfl",
    "RefLinesPE": 24,
    "PercentPhaseFOV": 100,
    "PercentSampling": 100,
    "PhaseEncodingSteps": 255,
    "AcquisitionMatrixPE": 256,
    "ReconMatrixPE": 256,
    "ParallelReductionFactorInPlane": 2,
    "PixelBandwidth": 170,
    "DwellTime": 1.15e-05,
    "ImageOrientationPatientDICOM": [
        -0.0165513,
        0.970907,
        0.238885,
        -0.0396178,
        0.238093,
        -0.970434
    ],
    "InPlanePhaseEncodingDirectionDICOM": "ROW",
    "ConversionSoftware": "dcm2niix",
    "ConversionSoftwareVersion": "v1.0.20210317",
    "Dcm2bidsVersion": "2.1.6"
}