{
    "Modality": "MR",
    "MagneticFieldStrength": 3,
    "ImagingFrequency": 123.259,
    "Manufacturer": "Siemens",
    "ManufacturersModelName": "MAGNETOM Prisma Fit",
    "InstitutionName": "Freie Universit\u00c3\u00a4t Berlin",
    "InstitutionAddress": "Habelschwerdter Allee 45,Berlin,District,DE,14195",
    "DeviceSerialNumber": "167110",
    "StationName": "AWP167110",
    "BodyPartExamined": "BRAIN",
    "PatientPosition": "HFS",
    "ProcedureStepDescription": "CCNB Projekte_fertig",
    "SoftwareVersions": "syngo MR XA30",
    "MRAcquisitionType": "2D",
    "SeriesDescription": "gre_field_mapping",
    "ProtocolName": "gre_field_mapping",
    "ScanningSequence": "GR",
    "SequenceVariant": "SP",
    "PulseSequenceName": "*fm2d2r",
    "ImageType": [
        "ORIGINAL",
        "PRIMARY",
        "P",
        "NONE",
        "PHASE"
    ],
    "ImageTypeText": [
        "ORIGINAL",
        "PRIMARY",
        "P",
        "DIS2D"
    ],
    "NonlinearGradientCorrection": true,
    "SeriesNumber": 12,
    "AcquisitionTime": "10:44:40.872500",
    "AcquisitionNumber": 1,
    "SliceThickness": 3,
    "SpacingBetweenSlices": 3.6,
    "EchoNumber": 2,
    "EchoTime": 0.00738,
    "RepetitionTime": 0.4,
    "MTState": false,
    "FlipAngle": 60,
    "EchoTime1": "0.00492",
    "EchoTime2": "0.00738",
    "PartialFourier": 1,
    "BaseResolution": 64,
    "ShimSetting": [
        -5748,
        -4890,
        -4859,
        541,
        41,
        -11,
        38,
        -11
    ],
    "TxRefAmp": 258.253,
    "PhaseResolution": 1,
    "ReceiveCoilName": "Head_32",
    "ReceiveCoilActiveElements": "HEA;HEP",
    "CoilString": "Head_32",
    "PulseSequenceDetails": "%SiemensSeq%\\gre_field_mapping",
    "CoilCombinationMethod": "Sum of Squares",
    "MatrixCoilMode": "SENSE",
    "PercentPhaseFOV": 100,
    "PercentSampling": 100,
    "AcquisitionMatrixPE": 64,
    "ReconMatrixPE": 64,
    "AcquisitionDuration": 50.79,
    "PixelBandwidth": 601,
    "DwellTime": 1.3e-05,
    "PhaseEncodingDirection": "i",
    "SliceTiming": [
        0,
        0.2075,
        0.0125,
        0.2175,
        0.0225,
        0.2275,
        0.0325,
        0.2375,
        0.045,
        0.25,
        0.055,
        0.26,
        0.065,
        0.27,
        0.0775,
        0.2825,
        0.0875,
        0.2925,
        0.0975,
        0.3025,
        0.11,
        0.315,
        0.12,
        0.325,
        0.13,
        0.335,
        0.1425,
        0.3475,
        0.1525,
        0.3575,
        0.1625,
        0.3675,
        0.175,
        0.38,
        0.185,
        0.39,
        0.195
    ],
    "ImageOrientationPatientDICOM": [
        0.999169,
        -0.0331319,
        0.0237412,
        0.0275603,
        0.978298,
        0.205362
    ],
    "InPlanePhaseEncodingDirectionDICOM": "ROW",
    "ConversionSoftware": "dcm2niix",
    "ConversionSoftwareVersion": "v1.0.20220720",
    "Dcm2bidsVersion": "2.1.7"
}