{
    "Modality": "MR",
    "MagneticFieldStrength": 3,
    "ImagingFrequency": 123.259,
    "Manufacturer": "Siemens",
    "ManufacturersModelName": "MAGNETOM Prisma Fit",
    "InstitutionName": "Freie Universit\u00c3\u00a4t Berlin",
    "InstitutionAddress": "Habelschwerdter Allee 45,Berlin,District,DE,14195",
    "DeviceSerialNumber": "167110",
    "StationName": "AWP167110",
    "BodyPartExamined": "BRAIN",
    "PatientPosition": "HFS",
    "ProcedureStepDescription": "CCNB Projekte",
    "SoftwareVersions": "syngo MR XA30",
    "MRAcquisitionType": "2D",
    "SeriesDescription": "gre_field_mapping",
    "ProtocolName": "gre_field_mapping",
    "SequenceVariant": "SP",
    "ImageType": [
        "ORIGINAL",
        "PRIMARY",
        "M",
        "NONE"
    ],
    "SeriesNumber": 8,
    "AcquisitionTime": "18:26:45.995000",
    "AcquisitionNumber": 1,
    "SliceThickness": 3,
    "SpacingBetweenSlices": 3.6,
    "EchoNumber": 1,
    "EchoTime": 0.00738,
    "RepetitionTime": 0.4,
    "FlipAngle": 60,
    "ReceiveCoilActiveElements": "HEA;HEP",
    "CoilString": "Head_32",
    "PercentPhaseFOV": 100,
    "PercentSampling": 100,
    "AcquisitionMatrixPE": 64,
    "ReconMatrixPE": 64,
    "PixelBandwidth": 601,
    "PhaseEncodingDirection": "i",
    "SliceTiming": [
        0,
        0.205,
        0.01,
        0.215,
        0.02,
        0.2275,
        0.0325,
        0.2375,
        0.0425,
        0.2475,
        0.0525,
        0.26,
        0.065,
        0.27,
        0.075,
        0.28,
        0.085,
        0.29,
        0.0975,
        0.3025,
        0.1075,
        0.3125,
        0.1175,
        0.3225,
        0.13,
        0.335,
        0.14,
        0.345,
        0.15,
        0.355,
        0.1625,
        0.3675,
        0.1725,
        0.3775,
        0.1825,
        0.3875,
        0.195
    ],
    "ImageOrientationPatientDICOM": [
        0.999515,
        -0.0298034,
        0.00899985,
        0.0293157,
        0.99831,
        0.0501742
    ],
    "InPlanePhaseEncodingDirectionDICOM": "ROW",
    "ConversionSoftware": "dcm2niix",
    "ConversionSoftwareVersion": "v1.0.20210317",
    "Dcm2bidsVersion": "2.1.6"
}