{
    "Modality": "MR",
    "MagneticFieldStrength": 3,
    "ImagingFrequency": 123.259,
    "Manufacturer": "Siemens",
    "ManufacturersModelName": "MAGNETOM Prisma Fit",
    "InstitutionName": "Freie Universit\u00c3\u00a4t Berlin",
    "InstitutionAddress": "Habelschwerdter Allee 45,Berlin,District,DE,14195",
    "DeviceSerialNumber": "167110",
    "StationName": "AWP167110",
    "BodyPartExamined": "BRAIN",
    "PatientPosition": "HFS",
    "ProcedureStepDescription": "CCNB Projekte_fertig",
    "SoftwareVersions": "syngo MR XA30",
    "MRAcquisitionType": "2D",
    "SeriesDescription": "main pre dt 139",
    "ProtocolName": "main pre dt 139",
    "ScanningSequence": "EP",
    "SequenceVariant": "SK",
    "ScanOptions": "FS",
    "PulseSequenceName": "*epfid2d1_64",
    "ImageType": [
        "ORIGINAL",
        "PRIMARY",
        "FMRI",
        "NONE"
    ],
    "ImageTypeText": [
        "ORIGINAL",
        "PRIMARY",
        "M",
        "DIS2D"
    ],
    "NonlinearGradientCorrection": true,
    "SeriesNumber": 6,
    "AcquisitionTime": "18:07:13.262500",
    "AcquisitionNumber": 1,
    "SliceThickness": 3,
    "SpacingBetweenSlices": 3.6,
    "EchoTime": 0.03,
    "RepetitionTime": 2,
    "MTState": false,
    "FlipAngle": 75,
    "PartialFourier": 1,
    "BaseResolution": 64,
    "ShimSetting": [
        -5777,
        -4867,
        -4866,
        577,
        -43,
        47,
        44,
        11
    ],
    "TxRefAmp": 264.246,
    "PhaseResolution": 1,
    "ReceiveCoilName": "Head_32",
    "ReceiveCoilActiveElements": "HEA;HEP",
    "CoilString": "Head_32",
    "PulseSequenceDetails": "%SiemensSeq%\\ep2d_bold",
    "RefLinesPE": 30,
    "CoilCombinationMethod": "Sum of Squares",
    "MatrixCoilMode": "GRAPPA",
    "PercentPhaseFOV": 100,
    "PercentSampling": 100,
    "EchoTrainLength": 31,
    "AcquisitionMatrixPE": 64,
    "ReconMatrixPE": 64,
    "BandwidthPerPixelPhaseEncode": 56.818,
    "ParallelReductionFactorInPlane": 2,
    "ParallelAcquisitionTechnique": "GRAPPA",
    "EffectiveEchoSpacing": 0.000275001,
    "DerivedVendorReportedEchoSpacing": 0.000550002,
    "AcquisitionDuration": 285.925,
    "TotalReadoutTime": 0.0173251,
    "PixelBandwidth": 2170,
    "DwellTime": 3.6e-06,
    "PhaseEncodingDirection": "j-",
    "SliceTiming": [
        0,
        1.015,
        0.0524998,
        1.07,
        0.1075,
        1.1225,
        0.16,
        1.1775,
        0.2125,
        1.23,
        0.2675,
        1.2825,
        0.32,
        1.3375,
        0.375,
        1.39,
        0.4275,
        1.445,
        0.48,
        1.4975,
        0.535,
        1.5525,
        0.5875,
        1.605,
        0.6425,
        1.6575,
        0.695,
        1.7125,
        0.7475,
        1.765,
        0.8025,
        1.82,
        0.855,
        1.8725,
        0.91,
        1.925,
        0.9625
    ],
    "ImageOrientationPatientDICOM": [
        0.999948,
        -0.00915199,
        0.00440741,
        0.00837729,
        0.988384,
        0.151749
    ],
    "InPlanePhaseEncodingDirectionDICOM": "COL",
    "ConversionSoftware": "dcm2niix",
    "ConversionSoftwareVersion": "v1.0.20220720",
    "Dcm2bidsVersion": "2.1.7",
    "TaskName": "DT"
}