{
    "Modality": "MR",
    "MagneticFieldStrength": 3,
    "ImagingFrequency": 123.259,
    "Manufacturer": "Siemens",
    "ManufacturersModelName": "MAGNETOM Prisma Fit",
    "InstitutionName": "Freie Universit\u00c3\u00a4t Berlin",
    "InstitutionAddress": "Habelschwerdter Allee 45,Berlin,District,DE,14195",
    "DeviceSerialNumber": "167110",
    "StationName": "AWP167110",
    "BodyPartExamined": "BRAIN",
    "PatientPosition": "HFS",
    "ProcedureStepDescription": "CCNB Projekte",
    "SoftwareVersions": "syngo MR XA30",
    "MRAcquisitionType": "2D",
    "SeriesDescription": "gre_field_mapping",
    "ProtocolName": "gre_field_mapping",
    "SequenceVariant": "SP",
    "ImageType": [
        "ORIGINAL",
        "PRIMARY",
        "P",
        "NONE",
        "PHASE"
    ],
    "SeriesNumber": 12,
    "AcquisitionTime": "10:39:52.865000",
    "AcquisitionNumber": 1,
    "SliceThickness": 3,
    "SpacingBetweenSlices": 3.6,
    "EchoTime": 0.00738,
    "RepetitionTime": 0.4,
    "FlipAngle": 60,
    "ReceiveCoilActiveElements": "HEA;HEP",
    "CoilString": "Head_32",
    "PercentPhaseFOV": 100,
    "PercentSampling": 100,
    "AcquisitionMatrixPE": 64,
    "ReconMatrixPE": 64,
    "PixelBandwidth": 601,
    "PhaseEncodingDirection": "i",
    "SliceTiming": [
        0,
        0.2075,
        0.0125,
        0.2175,
        0.0225,
        0.2275,
        0.0325,
        0.2375,
        0.045,
        0.25,
        0.055,
        0.26,
        0.065,
        0.27,
        0.0775,
        0.2825,
        0.0875,
        0.2925,
        0.0975,
        0.3025,
        0.11,
        0.315,
        0.12,
        0.325,
        0.13,
        0.335,
        0.1425,
        0.3475,
        0.1525,
        0.3575,
        0.1625,
        0.3675,
        0.175,
        0.38,
        0.185,
        0.39,
        0.195
    ],
    "ImageOrientationPatientDICOM": [
        0.999128,
        -0.0228091,
        0.0349727,
        0.0268611,
        0.992392,
        -0.120153
    ],
    "InPlanePhaseEncodingDirectionDICOM": "ROW",
    "ConversionSoftware": "dcm2niix",
    "ConversionSoftwareVersion": "v1.0.20210317",
    "Dcm2bidsVersion": "2.1.6",
    "EchoTime1": "0.00492",
    "EchoTime2": "0.00738"
}