{
    "Modality": "MR",
    "MagneticFieldStrength": 3,
    "ImagingFrequency": 123.259,
    "Manufacturer": "Siemens",
    "ManufacturersModelName": "MAGNETOM Prisma Fit",
    "InstitutionName": "Freie Universit\u00c3\u00a4t Berlin",
    "InstitutionAddress": "Habelschwerdter Allee 45,Berlin,District,DE,14195",
    "DeviceSerialNumber": "167110",
    "StationName": "AWP167110",
    "BodyPartExamined": "BRAIN",
    "PatientPosition": "HFS",
    "ProcedureStepDescription": "CCNB Projekte",
    "SoftwareVersions": "syngo MR XA30",
    "MRAcquisitionType": "2D",
    "SeriesDescription": "main pre dt 139",
    "ProtocolName": "main pre dt 139",
    "SequenceVariant": "SK",
    "ImageType": [
        "ORIGINAL",
        "PRIMARY",
        "FMRI",
        "NONE"
    ],
    "SeriesNumber": 11,
    "AcquisitionTime": "11:23:57.325000",
    "AcquisitionNumber": 1,
    "SliceThickness": 3,
    "SpacingBetweenSlices": 3.6,
    "EchoTime": 0.03,
    "RepetitionTime": 2,
    "FlipAngle": 75,
    "ReceiveCoilActiveElements": "HEA;HEP",
    "CoilString": "Head_32",
    "PartialFourier": 0.96875,
    "PercentPhaseFOV": 100,
    "PercentSampling": 100,
    "EchoTrainLength": 31,
    "AcquisitionMatrixPE": 64,
    "ReconMatrixPE": 64,
    "BandwidthPerPixelPhaseEncode": 56.818,
    "ParallelReductionFactorInPlane": 2,
    "EffectiveEchoSpacing": 0.000275001,
    "DerivedVendorReportedEchoSpacing": 0.000550002,
    "TotalReadoutTime": 0.0173251,
    "PixelBandwidth": 2170,
    "PhaseEncodingDirection": "j-",
    "SliceTiming": [
        0,
        1.0175,
        0.0549998,
        1.07,
        0.1075,
        1.125,
        0.16,
        1.1775,
        0.215,
        1.23,
        0.2675,
        1.285,
        0.3225,
        1.3375,
        0.375,
        1.3925,
        0.4275,
        1.445,
        0.4825,
        1.5,
        0.535,
        1.5525,
        0.59,
        1.605,
        0.6425,
        1.66,
        0.695,
        1.7125,
        0.75,
        1.7675,
        0.8025,
        1.82,
        0.8575,
        1.8725,
        0.91,
        1.9275,
        0.9625
    ],
    "ImageOrientationPatientDICOM": [
        0.996965,
        -0.0704912,
        0.033028,
        0.0723379,
        0.995661,
        -0.0585274
    ],
    "InPlanePhaseEncodingDirectionDICOM": "COL",
    "ConversionSoftware": "dcm2niix",
    "ConversionSoftwareVersion": "v1.0.20210317",
    "Dcm2bidsVersion": "2.1.6",
    "TaskName": "DT"
}