{
    "Modality": "MR",
    "MagneticFieldStrength": 3,
    "ImagingFrequency": 123.236,
    "Manufacturer": "Siemens",
    "ManufacturersModelName": "TrioTim",
    "InstitutionName": "CCNB",
    "InstitutionalDepartmentName": "Department",
    "InstitutionAddress": "Habelschwerdter Allee 45,Berlin,District,DE,14195",
    "DeviceSerialNumber": "35370",
    "StationName": "MRC35370",
    "PatientPosition": "HFS",
    "ProcedureStepDescription": "Projekte^fMRI 32channel",
    "SoftwareVersions": "syngo MR B17",
    "MRAcquisitionType": "2D",
    "SeriesDescription": "gre_field_mapping",
    "ProtocolName": "gre_field_mapping",
    "ScanningSequence": "GR",
    "SequenceVariant": "SP",
    "SequenceName": "*fm2d2r",
    "ImageType": [
        "ORIGINAL",
        "PRIMARY",
        "M",
        "ND"
    ],
    "SeriesNumber": 7,
    "AcquisitionTime": "12:48:18.285000",
    "AcquisitionNumber": 1,
    "SliceThickness": 2.6,
    "SpacingBetweenSlices": 2.6,
    "SAR": 0.209966,
    "EchoNumber": 2,
    "EchoTime": 0.00738,
    "RepetitionTime": 0.601,
    "FlipAngle": 60,
    "PartialFourier": 1,
    "BaseResolution": 76,
    "ShimSetting": [
        -6778,
        -5713,
        -10841,
        395,
        552,
        1391,
        214,
        148
    ],
    "TxRefAmp": 257.781,
    "PhaseResolution": 1,
    "ReceiveCoilName": "32Ch_Head",
    "CoilString": "C:HEA;HEP",
    "PulseSequenceDetails": "%SiemensSeq%\\gre_field_mapping",
    "PercentPhaseFOV": 100,
    "PercentSampling": 100,
    "PhaseEncodingSteps": 76,
    "AcquisitionMatrixPE": 76,
    "ReconMatrixPE": 76,
    "PixelBandwidth": 260,
    "DwellTime": 2.53e-05,
    "PhaseEncodingDirection": "j-",
    "SliceTiming": [
        0.29688,
        0,
        0.3125,
        0.00781,
        0.32031,
        0.02344,
        0.33594,
        0.03125,
        0.34375,
        0.04688,
        0.35938,
        0.05469,
        0.36719,
        0.0625,
        0.375,
        0.07813,
        0.39063,
        0.08594,
        0.39844,
        0.09375,
        0.40625,
        0.10938,
        0.42188,
        0.11719,
        0.42969,
        0.125,
        0.4375,
        0.14063,
        0.45313,
        0.14844,
        0.46094,
        0.16406,
        0.47656,
        0.17188,
        0.48438,
        0.17969,
        0.49219,
        0.19531,
        0.50781,
        0.20313,
        0.51563,
        0.21875,
        0.53125,
        0.22656,
        0.53906,
        0.23438,
        0.54688,
        0.25,
        0.5625,
        0.25781,
        0.57031,
        0.26563,
        0.57813,
        0.28125,
        0.59375,
        0.28906
    ],
    "ImageOrientationPatientDICOM": [
        0.998497,
        0.0534294,
        0.0121725,
        -0.0535408,
        0.998525,
        0.00901541
    ],
    "InPlanePhaseEncodingDirectionDICOM": "COL",
    "ConversionSoftware": "dcm2niix",
    "ConversionSoftwareVersion": "v1.0.20210317",
    "Dcm2bidsVersion": "2.1.6",
    "EchoTime1": "0.00738"
}