{
    "Modality": "MR",
    "MagneticFieldStrength": 3,
    "ImagingFrequency": 123.236,
    "Manufacturer": "Siemens",
    "ManufacturersModelName": "TrioTim",
    "InstitutionName": "Freie Universitaet",
    "InstitutionalDepartmentName": "Department",
    "InstitutionAddress": "Habelschwerdter Allee 45,Berlin,District,DE,14195",
    "DeviceSerialNumber": "35370",
    "StationName": "MRC35370",
    "PatientPosition": "HFS",
    "ProcedureStepDescription": "Projekte^fMRI 32channel",
    "SoftwareVersions": "syngo MR B17",
    "MRAcquisitionType": "2D",
    "SeriesDescription": "gre_field_mapping",
    "ProtocolName": "gre_field_mapping",
    "ScanningSequence": "GR",
    "SequenceVariant": "SP",
    "SequenceName": "*fm2d2r",
    "ImageType": [
        "ORIGINAL",
        "PRIMARY",
        "M",
        "ND"
    ],
    "SeriesNumber": 7,
    "AcquisitionTime": "11:05:3.165000",
    "AcquisitionNumber": 1,
    "SliceThickness": 2.6,
    "SpacingBetweenSlices": 2.6,
    "SAR": 0.243134,
    "EchoNumber": 2,
    "EchoTime": 0.00738,
    "RepetitionTime": 0.601,
    "FlipAngle": 60,
    "PartialFourier": 1,
    "BaseResolution": 76,
    "ShimSetting": [
        -6756,
        -5606,
        -10827,
        433,
        656,
        1224,
        400,
        124
    ],
    "TxRefAmp": 310.332,
    "PhaseResolution": 1,
    "ReceiveCoilName": "32Ch_Head",
    "CoilString": "C:HEA;HEP",
    "PulseSequenceDetails": "%SiemensSeq%\\gre_field_mapping",
    "PercentPhaseFOV": 100,
    "PercentSampling": 100,
    "PhaseEncodingSteps": 76,
    "AcquisitionMatrixPE": 76,
    "ReconMatrixPE": 76,
    "PixelBandwidth": 260,
    "DwellTime": 2.53e-05,
    "PhaseEncodingDirection": "j-",
    "SliceTiming": [
        0.30469,
        0,
        0.3125,
        0.01563,
        0.32813,
        0.02344,
        0.33594,
        0.03906,
        0.35156,
        0.04688,
        0.35938,
        0.05469,
        0.36719,
        0.07031,
        0.38281,
        0.07813,
        0.39063,
        0.09375,
        0.40625,
        0.10156,
        0.41406,
        0.10938,
        0.42188,
        0.125,
        0.4375,
        0.13281,
        0.44531,
        0.14063,
        0.45313,
        0.15625,
        0.46875,
        0.16406,
        0.47656,
        0.17188,
        0.48438,
        0.1875,
        0.5,
        0.19531,
        0.50781,
        0.21094,
        0.52344,
        0.21875,
        0.53125,
        0.23438,
        0.54688,
        0.24219,
        0.55469,
        0.25,
        0.5625,
        0.26563,
        0.57813,
        0.27344,
        0.58594,
        0.28125,
        0.59375,
        0.29688
    ],
    "ImageOrientationPatientDICOM": [
        0.998279,
        0.0553789,
        0.0192907,
        -0.0556687,
        0.998339,
        0.0148244
    ],
    "InPlanePhaseEncodingDirectionDICOM": "COL",
    "ConversionSoftware": "dcm2niix",
    "ConversionSoftwareVersion": "v1.0.20210317",
    "Dcm2bidsVersion": "2.1.6",
    "EchoTime1": "0.00738"
}