{
    "Modality": "MR",
    "MagneticFieldStrength": 3,
    "ImagingFrequency": 123.259,
    "Manufacturer": "Siemens",
    "ManufacturersModelName": "MAGNETOM Prisma Fit",
    "InstitutionName": "Freie Universit\u00c3\u00a4t Berlin",
    "InstitutionAddress": "Habelschwerdter Allee 45,Berlin,District,DE,14195",
    "DeviceSerialNumber": "167110",
    "StationName": "AWP167110",
    "BodyPartExamined": "BRAIN",
    "PatientPosition": "HFS",
    "ProcedureStepDescription": "CCNB Projekte",
    "SoftwareVersions": "syngo MR XA30",
    "MRAcquisitionType": "2D",
    "SeriesDescription": "gre_field_mapping",
    "ProtocolName": "gre_field_mapping",
    "SequenceVariant": "SP",
    "ImageType": [
        "ORIGINAL",
        "PRIMARY",
        "M",
        "NONE"
    ],
    "SeriesNumber": 15,
    "AcquisitionTime": "11:01:14.862500",
    "AcquisitionNumber": 1,
    "SliceThickness": 3,
    "SpacingBetweenSlices": 3.6,
    "EchoNumber": 1,
    "EchoTime": 0.00738,
    "RepetitionTime": 0.4,
    "FlipAngle": 60,
    "ReceiveCoilActiveElements": "HEA;HEP",
    "CoilString": "Head_32",
    "PercentPhaseFOV": 100,
    "PercentSampling": 100,
    "AcquisitionMatrixPE": 64,
    "ReconMatrixPE": 64,
    "PixelBandwidth": 601,
    "PhaseEncodingDirection": "i",
    "SliceTiming": [
        0,
        0.205,
        0.0125,
        0.2175,
        0.0225,
        0.2275,
        0.0325,
        0.2375,
        0.045,
        0.25,
        0.055,
        0.26,
        0.065,
        0.27,
        0.075,
        0.2825,
        0.0875,
        0.2925,
        0.0975,
        0.3025,
        0.1075,
        0.315,
        0.12,
        0.325,
        0.13,
        0.335,
        0.14,
        0.3475,
        0.1525,
        0.3575,
        0.1625,
        0.3675,
        0.1725,
        0.38,
        0.185,
        0.39,
        0.195
    ],
    "ImageOrientationPatientDICOM": [
        0.998103,
        0.056705,
        -0.0239979,
        -0.0552784,
        0.996875,
        0.0564346
    ],
    "InPlanePhaseEncodingDirectionDICOM": "ROW",
    "ConversionSoftware": "dcm2niix",
    "ConversionSoftwareVersion": "v1.0.20210317",
    "Dcm2bidsVersion": "2.1.6"
}