{
    "Modality": "MR",
    "MagneticFieldStrength": 3,
    "ImagingFrequency": 123.259,
    "Manufacturer": "Siemens",
    "ManufacturersModelName": "MAGNETOM Prisma Fit",
    "InstitutionName": "Freie Universit\u00c3\u00a4t Berlin",
    "InstitutionAddress": "Habelschwerdter Allee 45,Berlin,District,DE,14195",
    "DeviceSerialNumber": "167110",
    "StationName": "AWP167110",
    "BodyPartExamined": "BRAIN",
    "PatientPosition": "HFS",
    "ProcedureStepDescription": "CCNB Projekte",
    "SoftwareVersions": "syngo MR XA30",
    "MRAcquisitionType": "2D",
    "SeriesDescription": "main pre st 183",
    "ProtocolName": "main pre st 183",
    "SequenceVariant": "SK",
    "ImageType": [
        "ORIGINAL",
        "PRIMARY",
        "FMRI",
        "NONE"
    ],
    "SeriesNumber": 17,
    "AcquisitionTime": "16:45:57.322500",
    "AcquisitionNumber": 1,
    "SliceThickness": 3,
    "SpacingBetweenSlices": 3.6,
    "EchoTime": 0.03,
    "RepetitionTime": 2,
    "FlipAngle": 75,
    "ReceiveCoilActiveElements": "HEA;HEP",
    "CoilString": "Head_32",
    "PartialFourier": 0.96875,
    "PercentPhaseFOV": 100,
    "PercentSampling": 100,
    "EchoTrainLength": 31,
    "AcquisitionMatrixPE": 64,
    "ReconMatrixPE": 64,
    "BandwidthPerPixelPhaseEncode": 56.818,
    "ParallelReductionFactorInPlane": 2,
    "EffectiveEchoSpacing": 0.000275001,
    "DerivedVendorReportedEchoSpacing": 0.000550002,
    "TotalReadoutTime": 0.0173251,
    "PixelBandwidth": 2170,
    "PhaseEncodingDirection": "j-",
    "SliceTiming": [
        0,
        1.015,
        0.0524998,
        1.07,
        0.105,
        1.1225,
        0.16,
        1.1775,
        0.2125,
        1.23,
        0.2675,
        1.2825,
        0.32,
        1.3375,
        0.3725,
        1.39,
        0.4275,
        1.445,
        0.48,
        1.4975,
        0.535,
        1.55,
        0.5875,
        1.605,
        0.64,
        1.6575,
        0.695,
        1.7125,
        0.7475,
        1.765,
        0.8025,
        1.8175,
        0.855,
        1.8725,
        0.9075,
        1.925,
        0.9625
    ],
    "ImageOrientationPatientDICOM": [
        0.99946,
        -0.0218083,
        0.0245717,
        0.0251246,
        0.989268,
        -0.143937
    ],
    "InPlanePhaseEncodingDirectionDICOM": "COL",
    "ConversionSoftware": "dcm2niix",
    "ConversionSoftwareVersion": "v1.0.20210317",
    "Dcm2bidsVersion": "2.1.6",
    "TaskName": "ST"
}