{
    "Modality": "MR",
    "MagneticFieldStrength": 3,
    "ImagingFrequency": 123.259,
    "Manufacturer": "Siemens",
    "ManufacturersModelName": "MAGNETOM Prisma Fit",
    "InstitutionName": "Freie Universit\u00c3\u00a4t Berlin",
    "InstitutionAddress": "Habelschwerdter Allee 45,Berlin,District,DE,14195",
    "DeviceSerialNumber": "167110",
    "StationName": "AWP167110",
    "BodyPartExamined": "BRAIN",
    "PatientPosition": "HFS",
    "ProcedureStepDescription": "CCNB Projekte_fertig",
    "SoftwareVersions": "syngo MR XA30",
    "MRAcquisitionType": "2D",
    "SeriesDescription": "gre_field_mapping",
    "ProtocolName": "gre_field_mapping",
    "ScanningSequence": "GR",
    "SequenceVariant": "SP",
    "PulseSequenceName": "*fm2d2r",
    "ImageType": [
        "ORIGINAL",
        "PRIMARY",
        "M",
        "NONE"
    ],
    "ImageTypeText": [
        "ORIGINAL",
        "PRIMARY",
        "M",
        "DIS2D"
    ],
    "NonlinearGradientCorrection": true,
    "SeriesNumber": 11,
    "AcquisitionTime": "10:21:28.457500",
    "AcquisitionNumber": 1,
    "SliceThickness": 3,
    "SpacingBetweenSlices": 3.6,
    "EchoNumber": 1,
    "EchoTime": 0.00492,
    "RepetitionTime": 0.4,
    "MTState": false,
    "FlipAngle": 60,
    "PartialFourier": 1,
    "BaseResolution": 64,
    "ShimSetting": [
        -5813,
        -4819,
        -4845,
        638,
        -46,
        258,
        102,
        3
    ],
    "TxRefAmp": 252.643,
    "PhaseResolution": 1,
    "ReceiveCoilName": "Head_32",
    "ReceiveCoilActiveElements": "HEA;HEP",
    "CoilString": "Head_32",
    "PulseSequenceDetails": "%SiemensSeq%\\gre_field_mapping",
    "CoilCombinationMethod": "Sum of Squares",
    "MatrixCoilMode": "SENSE",
    "PercentPhaseFOV": 100,
    "PercentSampling": 100,
    "AcquisitionMatrixPE": 64,
    "ReconMatrixPE": 64,
    "AcquisitionDuration": 50.787,
    "PixelBandwidth": 601,
    "DwellTime": 1.3e-05,
    "PhaseEncodingDirection": "i",
    "SliceTiming": [
        0,
        0.205,
        0.01,
        0.215,
        0.02,
        0.225,
        0.0325,
        0.2375,
        0.0425,
        0.2475,
        0.0525,
        0.2575,
        0.065,
        0.27,
        0.075,
        0.28,
        0.085,
        0.29,
        0.0975,
        0.3025,
        0.1075,
        0.3125,
        0.1175,
        0.3225,
        0.13,
        0.335,
        0.14,
        0.345,
        0.15,
        0.355,
        0.16,
        0.3675,
        0.1725,
        0.3775,
        0.1825,
        0.3875,
        0.1925
    ],
    "ImageOrientationPatientDICOM": [
        0.99703,
        -0.00138702,
        -0.0770041,
        0.00730874,
        0.99703,
        0.0766729
    ],
    "InPlanePhaseEncodingDirectionDICOM": "ROW",
    "ConversionSoftware": "dcm2niix",
    "ConversionSoftwareVersion": "v1.0.20220720",
    "Dcm2bidsVersion": "2.1.7"
}