{
    "Modality": "MR",
    "MagneticFieldStrength": 3,
    "ImagingFrequency": 123.236,
    "Manufacturer": "Siemens",
    "ManufacturersModelName": "TrioTim",
    "InstitutionName": "Freie Universitaet",
    "InstitutionalDepartmentName": "Department",
    "InstitutionAddress": "Habelschwerdter Allee 45,Berlin,District,DE,14195",
    "DeviceSerialNumber": "35370",
    "StationName": "MRC35370",
    "PatientPosition": "HFS",
    "ProcedureStepDescription": "Projekte^fMRI 32channel",
    "SoftwareVersions": "syngo MR B17",
    "MRAcquisitionType": "2D",
    "SeriesDescription": "gre_field_mapping",
    "ProtocolName": "gre_field_mapping",
    "ScanningSequence": "GR",
    "SequenceVariant": "SP",
    "SequenceName": "*fm2d2r",
    "ImageType": [
        "ORIGINAL",
        "PRIMARY",
        "P",
        "ND",
        "PHASE"
    ],
    "SeriesNumber": 7,
    "AcquisitionTime": "11:14:31.445000",
    "AcquisitionNumber": 1,
    "SliceThickness": 2.6,
    "SpacingBetweenSlices": 2.6,
    "SAR": 0.227172,
    "EchoNumber": 2,
    "EchoTime": 0.00738,
    "RepetitionTime": 0.601,
    "FlipAngle": 60,
    "EchoTime1": "0.00492",
    "EchoTime2": "0.00738",
    "PartialFourier": 1,
    "BaseResolution": 76,
    "ShimSetting": [
        -6793,
        -5653,
        -10754,
        365,
        615,
        1453,
        259,
        194
    ],
    "TxRefAmp": 275.636,
    "PhaseResolution": 1,
    "ReceiveCoilName": "32Ch_Head",
    "CoilString": "C:HEA;HEP",
    "PulseSequenceDetails": "%SiemensSeq%\\gre_field_mapping",
    "PercentPhaseFOV": 100,
    "PercentSampling": 100,
    "PhaseEncodingSteps": 76,
    "AcquisitionMatrixPE": 76,
    "ReconMatrixPE": 76,
    "PixelBandwidth": 260,
    "DwellTime": 2.53e-05,
    "PhaseEncodingDirection": "j-",
    "SliceTiming": [
        0.29688,
        0,
        0.3125,
        0.00781,
        0.32031,
        0.01563,
        0.32813,
        0.02344,
        0.33594,
        0.03906,
        0.35156,
        0.04688,
        0.35938,
        0.0625,
        0.375,
        0.07031,
        0.38281,
        0.07813,
        0.39063,
        0.09375,
        0.40625,
        0.10156,
        0.41406,
        0.11719,
        0.42969,
        0.125,
        0.4375,
        0.13281,
        0.44531,
        0.14844,
        0.46094,
        0.15625,
        0.46875,
        0.16406,
        0.47656,
        0.17969,
        0.49219,
        0.1875,
        0.5,
        0.19531,
        0.50781,
        0.21094,
        0.52344,
        0.21875,
        0.53125,
        0.23438,
        0.54688,
        0.24219,
        0.55469,
        0.25781,
        0.57031,
        0.26563,
        0.57813,
        0.27344,
        0.58594,
        0.28906
    ],
    "ImageOrientationPatientDICOM": [
        0.997616,
        0.051685,
        -0.0457273,
        -0.053522,
        0.997769,
        -0.0399036
    ],
    "InPlanePhaseEncodingDirectionDICOM": "COL",
    "ConversionSoftware": "dcm2niix",
    "ConversionSoftwareVersion": "v1.0.20210317",
    "Dcm2bidsVersion": "2.1.6"
}