{
    "Modality": "MR",
    "MagneticFieldStrength": 3,
    "ImagingFrequency": 123.236,
    "Manufacturer": "Siemens",
    "ManufacturersModelName": "TrioTim",
    "InstitutionName": "Freie Universitaet",
    "InstitutionalDepartmentName": "Department",
    "InstitutionAddress": "Habelschwerdter Allee 45,Berlin,District,DE,14195",
    "DeviceSerialNumber": "35370",
    "StationName": "MRC35370",
    "PatientPosition": "HFS",
    "ProcedureStepDescription": "Projekte^fMRI 32channel",
    "SoftwareVersions": "syngo MR B17",
    "MRAcquisitionType": "2D",
    "SeriesDescription": "main_pre_st_183",
    "ProtocolName": "main_pre_st_183",
    "ScanningSequence": "EP",
    "SequenceVariant": "SK",
    "ScanOptions": "FS",
    "SequenceName": "*epfid2d1_64",
    "ImageType": [
        "ORIGINAL",
        "PRIMARY",
        "M",
        "ND",
        "MOSAIC"
    ],
    "SeriesNumber": 17,
    "AcquisitionTime": "15:45:11.902500",
    "AcquisitionNumber": 1,
    "SliceThickness": 3,
    "SpacingBetweenSlices": 3.75,
    "SAR": 0.189448,
    "EchoTime": 0.03,
    "RepetitionTime": 2,
    "FlipAngle": 78,
    "PartialFourier": 1,
    "BaseResolution": 64,
    "ShimSetting": [
        -6762,
        -5671,
        -10662,
        406,
        678,
        1344,
        215,
        117
    ],
    "TxRefAmp": 330.028,
    "PhaseResolution": 1,
    "ReceiveCoilName": "32Ch_Head",
    "CoilString": "C:HEA;HEP",
    "PulseSequenceDetails": "%SiemensSeq%\\ep2d_bold",
    "RefLinesPE": 24,
    "PercentPhaseFOV": 100,
    "PercentSampling": 100,
    "PhaseEncodingSteps": 63,
    "AcquisitionMatrixPE": 64,
    "ReconMatrixPE": 64,
    "BandwidthPerPixelPhaseEncode": 58.962,
    "ParallelReductionFactorInPlane": 2,
    "EffectiveEchoSpacing": 0.000265001,
    "DerivedVendorReportedEchoSpacing": 0.000530002,
    "TotalReadoutTime": 0.0166951,
    "PixelBandwidth": 2232,
    "DwellTime": 3.5e-06,
    "PhaseEncodingDirection": "j-",
    "SliceTiming": [
        1.955,
        1.9,
        1.845,
        1.79,
        1.7375,
        1.6825,
        1.6275,
        1.575,
        1.52,
        1.465,
        1.4125,
        1.3575,
        1.3025,
        1.2475,
        1.195,
        1.14,
        1.085,
        1.0325,
        0.9775,
        0.9225,
        0.8675,
        0.815,
        0.76,
        0.705,
        0.6525,
        0.5975,
        0.5425,
        0.49,
        0.435,
        0.38,
        0.325,
        0.2725,
        0.2175,
        0.1625,
        0.11,
        0.055,
        0
    ],
    "ImageOrientationPatientDICOM": [
        0.998212,
        0.0581843,
        -0.0136763,
        -0.05955,
        0.987767,
        -0.144118
    ],
    "InPlanePhaseEncodingDirectionDICOM": "COL",
    "ConversionSoftware": "dcm2niix",
    "ConversionSoftwareVersion": "v1.0.20210317",
    "Dcm2bidsVersion": "2.1.6",
    "TaskName": "ST"
}