{
    "Modality": "MR",
    "MagneticFieldStrength": 3,
    "ImagingFrequency": 123.259,
    "Manufacturer": "Siemens",
    "ManufacturersModelName": "MAGNETOM Prisma Fit",
    "InstitutionName": "Freie Universit\u00c3\u00a4t Berlin",
    "InstitutionAddress": "Habelschwerdter Allee 45,Berlin,District,DE,14195",
    "DeviceSerialNumber": "167110",
    "StationName": "AWP167110",
    "BodyPartExamined": "BRAIN",
    "PatientPosition": "HFS",
    "ProcedureStepDescription": "CCNB Projekte_fertig",
    "SoftwareVersions": "syngo MR XA30",
    "MRAcquisitionType": "3D",
    "SeriesDescription": "t1_mpr_1x1x1_176",
    "ProtocolName": "t1_mpr_1x1x1_176",
    "ScanningSequence": "GR\\IR",
    "SequenceVariant": "SK\\SP\\MP",
    "ScanOptions": "IR",
    "PulseSequenceName": "*tfl3d1rs16ns",
    "ImageType": [
        "ORIGINAL",
        "PRIMARY",
        "M",
        "NONE"
    ],
    "ImageTypeText": [
        "ORIGINAL",
        "PRIMARY",
        "M",
        "NORM",
        "DIS2D"
    ],
    "NonlinearGradientCorrection": true,
    "SeriesNumber": 21,
    "AcquisitionTime": "11:17:13.920000",
    "AcquisitionNumber": 1,
    "SliceThickness": 1,
    "EchoTime": 0.00252,
    "RepetitionTime": 1.9,
    "MTState": false,
    "InversionTime": 0.9,
    "FlipAngle": 9,
    "PartialFourier": 1,
    "BaseResolution": 256,
    "ShimSetting": [
        -5788,
        -4908,
        -4943,
        367,
        25,
        -216,
        40,
        28
    ],
    "TxRefAmp": 252.643,
    "PhaseResolution": 1,
    "ReceiveCoilName": "Head_32",
    "ReceiveCoilActiveElements": "HEA;HEP",
    "CoilString": "Head_32",
    "PulseSequenceDetails": "%SiemensSeq%\\tfl",
    "RefLinesPE": 24,
    "CoilCombinationMethod": "Adaptive Combine",
    "MatrixCoilMode": "GRAPPA",
    "PercentPhaseFOV": 100,
    "PercentSampling": 100,
    "AcquisitionMatrixPE": 256,
    "ReconMatrixPE": 256,
    "ParallelReductionFactorInPlane": 2,
    "ParallelAcquisitionTechnique": "GRAPPA",
    "AcquisitionDuration": 263.762,
    "PixelBandwidth": 170,
    "DwellTime": 1.15e-05,
    "ImageOrientationPatientDICOM": [
        0.0216032,
        0.964712,
        0.262418,
        -0.073927,
        0.263302,
        -0.961877
    ],
    "InPlanePhaseEncodingDirectionDICOM": "ROW",
    "ConversionSoftware": "dcm2niix",
    "ConversionSoftwareVersion": "v1.0.20220720",
    "Dcm2bidsVersion": "2.1.7"
}