{
    "Modality": "MR",
    "MagneticFieldStrength": 3,
    "ImagingFrequency": 123.236,
    "Manufacturer": "Siemens",
    "ManufacturersModelName": "TrioTim",
    "InstitutionName": "CCNB",
    "InstitutionalDepartmentName": "Department",
    "InstitutionAddress": "Habelschwerdter Allee 45,Berlin,District,DE,14195",
    "DeviceSerialNumber": "35370",
    "StationName": "MRC35370",
    "PatientPosition": "HFS",
    "ProcedureStepDescription": "Projekte^fMRI 32channel",
    "SoftwareVersions": "syngo MR B17",
    "MRAcquisitionType": "2D",
    "SeriesDescription": "gre_field_mapping",
    "ProtocolName": "gre_field_mapping",
    "ScanningSequence": "GR",
    "SequenceVariant": "SP",
    "SequenceName": "*fm2d2r",
    "ImageType": [
        "ORIGINAL",
        "PRIMARY",
        "P",
        "ND",
        "PHASE"
    ],
    "SeriesNumber": 7,
    "AcquisitionTime": "17:13:43.282500",
    "AcquisitionNumber": 1,
    "SliceThickness": 2.6,
    "SpacingBetweenSlices": 2.6,
    "SAR": 0.274961,
    "EchoNumber": 2,
    "EchoTime": 0.00738,
    "RepetitionTime": 0.601,
    "FlipAngle": 60,
    "EchoTime1": "0.00492",
    "EchoTime2": "0.00738",
    "PartialFourier": 1,
    "BaseResolution": 76,
    "ShimSetting": [
        -6782,
        -5702,
        -10687,
        476,
        478,
        1556,
        268,
        131
    ],
    "TxRefAmp": 318.103,
    "PhaseResolution": 1,
    "ReceiveCoilName": "32Ch_Head",
    "CoilString": "C:HEA;HEP",
    "PulseSequenceDetails": "%SiemensSeq%\\gre_field_mapping",
    "PercentPhaseFOV": 100,
    "PercentSampling": 100,
    "PhaseEncodingSteps": 76,
    "AcquisitionMatrixPE": 76,
    "ReconMatrixPE": 76,
    "PixelBandwidth": 260,
    "DwellTime": 2.53e-05,
    "PhaseEncodingDirection": "j-",
    "SliceTiming": [
        0.29688,
        0,
        0.3125,
        0.01563,
        0.32813,
        0.01563,
        0.32813,
        0.03125,
        0.34375,
        0.04688,
        0.35938,
        0.04688,
        0.35938,
        0.0625,
        0.375,
        0.07813,
        0.39063,
        0.07813,
        0.39063,
        0.09375,
        0.40625,
        0.10938,
        0.42188,
        0.10938,
        0.42188,
        0.125,
        0.4375,
        0.14063,
        0.45313,
        0.14063,
        0.45313,
        0.15625,
        0.46875,
        0.17188,
        0.48438,
        0.1875,
        0.5,
        0.1875,
        0.5,
        0.20313,
        0.51563,
        0.21875,
        0.53125,
        0.21875,
        0.53125,
        0.23438,
        0.54688,
        0.25,
        0.5625,
        0.25,
        0.5625,
        0.26563,
        0.57813,
        0.28125,
        0.59375,
        0.28125
    ],
    "ImageOrientationPatientDICOM": [
        0.999996,
        0.000295978,
        -0.00287061,
        -0.000551001,
        0.996009,
        -0.0892502
    ],
    "InPlanePhaseEncodingDirectionDICOM": "COL",
    "ConversionSoftware": "dcm2niix",
    "ConversionSoftwareVersion": "v1.0.20210317",
    "Dcm2bidsVersion": "2.1.6"
}